GEM
  remote: https://rubygems.org/
  specs:
    byebug (11.1.3)
    coderay (1.1.3)
    diff-lcs (1.5.1)
    ffi (1.16.3-x64-mingw-ucrt)
    ffi-win32-extensions (1.0.4)
      ffi
    getoptlong (0.2.1)
    method_source (1.0.0)
    pry (0.14.2)
      coderay (~> 1.1)
      method_source (~> 1.0)
    pry-byebug (3.10.1)
      byebug (~> 11.0)
      pry (>= 0.13, < 0.15)
    ptools (1.5.0)
    ptools (1.5.0-universal-mingw32)
      win32-file
    rspec (3.13.0)
      rspec-core (~> 3.13.0)
      rspec-expectations (~> 3.13.0)
      rspec-mocks (~> 3.13.0)
    rspec-core (3.13.0)
      rspec-support (~> 3.13.0)
    rspec-expectations (3.13.0)
      diff-lcs (>= 1.2.0, < 2.0)
      rspec-support (~> 3.13.0)
    rspec-mocks (3.13.0)
      diff-lcs (>= 1.2.0, < 2.0)
      rspec-support (~> 3.13.0)
    rspec-support (3.13.1)
    timecop (0.9.8)
    win32-file (0.8.2)
      ffi
      ffi-win32-extensions
      win32-file-stat (>= 1.4.0)
    win32-file-stat (1.5.5)
      ffi
      ffi-win32-extensions

PLATFORMS
  ruby
  x64-mingw-ucrt
  x86_64-darwin-21

DEPENDENCIES
  getoptlong (~> 0.2.1)
  pry (~> 0.14.2)
  pry-byebug (~> 3.10)
  ptools (~> 1.5)
  rspec (~> 3.13)
  timecop (~> 0.9.8)

RUBY VERSION
   ruby 3.2.3p157

BUNDLED WITH
   2.5.3
